GIT
  remote: https://github.com/gma/nesta.git
  revision: 965e40bd3f87734365dd470f33d69130cf82a748
  specs:
    nesta (0.9.13)
      RedCloth (~> 4.2)
      haml (~> 3.1)
      rack (~> 1.3)
      rdiscount (~> 1.6)
      sass (~> 3.1)
      shotgun (>= 0.8)
      sinatra (~> 1.3)

GEM
  remote: http://rubygems.org/
  specs:
    RedCloth (4.2.9)
    activesupport (3.2.9)
      i18n (~> 0.6)
      multi_json (~> 1.0)
    addressable (2.2.6)
    bond (0.4.1)
    chunky_png (1.2.6)
    compass (0.12.2)
      chunky_png (~> 1.2)
      fssm (>= 0.2.7)
      sass (~> 3.1)
    compass-normalize (1.4.1)
      compass (>= 0.11.5)
    fssm (0.2.9)
    haml (3.1.7)
    heroku (2.8.4)
      launchy (>= 0.3.2)
      rest-client (~> 1.6.1)
      rubyzip
      term-ansicolor (~> 1.0.5)
    i18n (0.6.1)
    launchy (2.0.5)
      addressable (~> 2.2.6)
    mime-types (1.16)
    multi_json (1.5.0)
    nesta-plugin-linkable (0.0.1)
      nesta (>= 0.9.11)
    nesta-plugin-sluggable (0.0.1)
      nesta (>= 0.9.11)
    rack (1.4.1)
    rack-protection (1.3.2)
      rack
    rack-rewrite (1.2.1)
    rack-ssl-enforcer (0.2.5)
    rack-test (0.6.1)
      rack (>= 1.0)
    racksh (0.9.8)
      rack (>= 1.0)
      rack-test (>= 0.5)
    rdiscount (1.6.8)
    redcarpet (1.17.2)
    rest-client (1.6.7)
      mime-types (>= 1.16)
    ripl (0.5.1)
      bond (~> 0.4.0)
    ripl-multi_line (0.3.0)
      ripl (>= 0.3.6)
    ripl-rack (0.2.0)
      rack (>= 1.0)
      rack-test (>= 0.5)
      ripl (>= 0.3.5)
    rubyzip (0.9.4)
    sass (3.2.4)
    shotgun (0.9)
      rack (>= 1.0)
    simple-navigation (3.9.0)
      activesupport (>= 2.3.2)
    sinatra (1.3.3)
      rack (~> 1.3, >= 1.3.6)
      rack-protection (~> 1.2)
      tilt (~> 1.3, >= 1.3.3)
    sinatra-simple-navigation (3.5.1)
      simple-navigation (>= 3.5.0)
    susy (1.0.5)
      compass (>= 0.12.2)
      sass (>= 3.2.0)
    term-ansicolor (1.0.6)
    tilt (1.3.3)
    tux (0.3.0)
      ripl (>= 0.3.5)
      ripl-multi_line (>= 0.2.4)
      ripl-rack (>= 0.2.0)
      sinatra (>= 1.2.1)

PLATFORMS
  ruby

DEPENDENCIES
  compass (~> 0.12.2)
  compass-normalize
  heroku
  nesta!
  nesta-plugin-linkable
  nesta-plugin-sluggable
  rack-rewrite
  rack-ssl-enforcer
  racksh
  redcarpet
  sinatra-simple-navigation
  susy (~> 1.0.5)
  tux
